GEM
  remote: https://rubygems.org/
  specs:
    htmlbeautifier (1.4.1)

PLATFORMS
  x86_64-darwin-21

DEPENDENCIES
  htmlbeautifier

BUNDLED WITH
   2.3.3
